GEM
  remote: https://rubygems.org/
  specs:
    bcrypt (3.1.12)
    highline (1.7.8)
    smbhash (1.0.2)

PLATFORMS
  ruby

DEPENDENCIES
  bcrypt
  highline
  smbhash

BUNDLED WITH
   2.2.5
