GEM
  remote: https://rubygems.org/
  specs:
    highline (3.0.1)
    humanize (3.1.0)
    terminal-table (3.0.2)
      unicode-display_width (>= 1.1.1, < 3)
    unicode-display_width (2.5.0)

PLATFORMS
  ruby

DEPENDENCIES
  highline
  humanize
  terminal-table

BUNDLED WITH
   2.5.11