GEM
  remote: https://rubygems.org/
  specs:
    bcrypt (3.1.12)
    highline (3.0.1)
    smbhash (1.1.0)

PLATFORMS
  ruby

DEPENDENCIES
  bcrypt (= 3.1.12)
  highline
  smbhash

BUNDLED WITH
   2.5.13
